PATH
  remote: ../rspec-page-regression
  specs:
    rspec-page-regression (0.4.2)
      activesupport
      oily_png
      poltergeist
      rspec (~> 3.0)
      which_works

GEM
  remote: https://rubygems.org/
  specs:
    activesupport (4.2.4)
      i18n (~> 0.7)
      json (~> 1.7, >= 1.7.7)
      minitest (~> 5.1)
      thread_safe (~> 0.3, >= 0.3.4)
      tzinfo (~> 1.1)
    capybara (2.5.0)
      mime-types (>= 1.16)
      nokogiri (>= 1.3.3)
      rack (>= 1.0.0)
      rack-test (>= 0.5.4)
      xpath (~> 2.0)
    chunky_png (1.3.4)
    cliver (0.3.2)
    database_cleaner (1.5.0)
    diff-lcs (1.2.5)
    i18n (0.7.0)
    json (1.8.3)
    mime-types (2.6.2)
    mini_portile (0.6.2)
    minitest (5.8.1)
    multi_json (1.11.2)
    nokogiri (1.6.6.2)
      mini_portile (~> 0.6.0)
    oily_png (1.2.0)
      chunky_png (~> 1.3.1)
    poltergeist (1.6.0)
      capybara (~> 2.1)
      cliver (~> 0.3.1)
      multi_json (~> 1.0)
      websocket-driver (>= 0.2.0)
    rack (1.6.4)
    rack-test (0.6.3)
      rack (>= 1.0)
    rspec (3.3.0)
      rspec-core (~> 3.3.0)
      rspec-expectations (~> 3.3.0)
      rspec-mocks (~> 3.3.0)
    rspec-core (3.3.2)
      rspec-support (~> 3.3.0)
    rspec-expectations (3.3.1)
      diff-lcs (>= 1.2.0, < 2.0)
      rspec-support (~> 3.3.0)
    rspec-mocks (3.3.2)
      diff-lcs (>= 1.2.0, < 2.0)
      rspec-support (~> 3.3.0)
    rspec-support (3.3.0)
    thread_safe (0.3.5)
    tzinfo (1.2.2)
      thread_safe (~> 0.1)
    websocket-driver (0.6.2)
      websocket-extensions (>= 0.1.0)
    websocket-extensions (0.1.2)
    which_works (1.0.2)
    xpath (2.0.0)
      nokogiri (~> 1.3)

PLATFORMS
  ruby

DEPENDENCIES
  capybara
  database_cleaner
  poltergeist
  rspec
  rspec-page-regression!

BUNDLED WITH
   1.10.6
